GEM
  remote: http://rubygems.org/
  specs:
    backports (3.6.0)
    commonjs (0.2.7)
    diff-lcs (1.2.5)
    dropbox-sdk (1.6.3)
      json
    json (1.8.1)
    kramdown (1.3.2)
    less (2.5.0)
      commonjs (~> 0.2.7)
    libv8 (3.16.14.3)
    logutils (0.6.0)
    markdown (1.1.1)
      kramdown (>= 1.0.2)
      props (>= 1.0.0)
      textutils (>= 0.6.4)
    multi_json (1.8.4)
    props (1.0.3)
    rack (1.5.2)
    rack-protection (1.5.2)
      rack
    rack-test (0.6.2)
      rack (>= 1.0)
    redcarpet (1.17.2)
    ref (1.0.5)
    rspec (2.14.1)
      rspec-core (~> 2.14.0)
      rspec-expectations (~> 2.14.0)
      rspec-mocks (~> 2.14.0)
    rspec-core (2.14.7)
    rspec-expectations (2.14.5)
      diff-lcs (>= 1.1.3, < 2.0)
    rspec-mocks (2.14.6)
    shotgun (0.9)
      rack (>= 1.0)
    sinatra (1.4.4)
      rack (~> 1.4)
      rack-protection (~> 1.4)
      tilt (~> 1.3, >= 1.3.4)
    sinatra-contrib (1.4.2)
      backports (>= 2.0)
      multi_json
      rack-protection
      rack-test
      sinatra (~> 1.4.0)
      tilt (~> 1.3)
    textutils (0.8.6)
      logutils (~> 0.5)
    therubyracer (0.12.1)
      libv8 (~> 3.16.14.0)
      ref
    tilt (1.4.1)

PLATFORMS
  ruby

DEPENDENCIES
  dropbox-sdk
  kramdown
  less
  markdown
  rack
  rack-test
  redcarpet (= 1.17.2)
  rspec
  shotgun
  sinatra (>= 1.3)
  sinatra-contrib
  therubyracer
  therubyrhino
