GEM
  remote: http://rubygems.org/
  specs:
    commonjs (0.2.7)
    diff-lcs (1.1.2)
    less (2.4.0)
      commonjs (~> 0.2.7)
    libv8 (3.16.14.3)
    rack (1.3.2)
    rack-protection (1.1.4)
      rack
    rack-test (0.5.7)
      rack (>= 1.0)
    redcarpet (1.17.2)
    ref (1.0.5)
    rspec (2.6.0)
      rspec-core (~> 2.6.0)
      rspec-expectations (~> 2.6.0)
      rspec-mocks (~> 2.6.0)
    rspec-core (2.6.4)
    rspec-expectations (2.6.0)
      diff-lcs (~> 1.1.2)
    rspec-mocks (2.6.0)
    shotgun (0.9)
      rack (>= 1.0)
    sinatra (1.3.0)
      rack (~> 1.3)
      rack-protection (~> 1.1)
      tilt (~> 1.3)
    therubyracer (0.12.0)
      libv8 (~> 3.16.14.0)
      ref
    tilt (1.3.3)

PLATFORMS
  ruby

DEPENDENCIES
  less
  rack
  rack-test
  redcarpet (= 1.17.2)
  rspec
  shotgun
  sinatra (>= 1.3)
  therubyracer
